GEM
  remote: https://rubygems.org/
  specs:
    mina (0.3.4)
      open4 (~> 1.3.4)
      rake
    open4 (1.3.4)
    rake (12.3.3)

PLATFORMS
  ruby

DEPENDENCIES
  mina
  rake
